PATH
  remote: .
  specs:
    citrus-irc (0.0.1)
      coffeemaker (~> 0.1.3)
      em-eventsource (~> 0.1.8)
      string-irc (~> 0.3.1)

GEM
  remote: https://rubygems.org/
  specs:
    activesupport (4.0.0)
      i18n (~> 0.6, >= 0.6.4)
      minitest (~> 4.2)
      multi_json (~> 1.3)
      thread_safe (~> 0.1)
      tzinfo (~> 0.3.37)
    addressable (2.3.5)
    atomic (1.1.14)
    coffeemaker (0.1.3)
      activesupport
      eventmachine (~> 1.0.0)
    cookiejar (0.3.0)
    em-eventsource (0.1.8)
      em-http-request (~> 1.0.0)
      eventmachine (~> 1.0.0.beta3)
    em-http-request (1.0.3)
      addressable (>= 2.2.3)
      cookiejar
      em-socksify
      eventmachine (>= 1.0.0.beta.4)
      http_parser.rb (>= 0.5.3)
    em-socksify (0.3.0)
      eventmachine (>= 1.0.0.beta.4)
    eventmachine (1.0.3)
    http_parser.rb (0.5.3)
    i18n (0.6.5)
    minitest (4.7.5)
    multi_json (1.8.1)
    rake (10.1.0)
    string-irc (0.3.1)
    thread_safe (0.1.3)
      atomic
    tzinfo (0.3.38)

PLATFORMS
  ruby

DEPENDENCIES
  bundler (~> 1.3)
  citrus-irc!
  rake
